GEM
  remote: http://rubygems.org/
  specs:
    minitest (2.5.1)
    racc (1.4.9)
    rake (10.1.0)

PLATFORMS
  ruby

DEPENDENCIES
  bundler (~> 1.3)
  minitest (~> 2.5.1)
  racc
  rake (~> 10.1.0)
